GIT
  remote: https://github.com/reevoo/fluent-plugin-elasticsearch.git
  revision: d09c0dd2b13d7f2fe16519ffbe1992b0d5b4aa1f
  specs:
    fluent-plugin-elasticsearch (1.5.0)
      elasticsearch (< 1.1)
      excon
      fluentd (>= 0.10.43)

GEM
  remote: https://rubygems.org/
  specs:
    activesupport (5.0.0.1)
      concurrent-ruby (~> 1.0, >= 1.0.2)
      i18n (~> 0.7)
      minitest (~> 5.1)
      tzinfo (~> 1.1)
    addressable (2.4.0)
    aws-sdk (2.5.4)
      aws-sdk-resources (= 2.5.4)
    aws-sdk-core (2.5.4)
      jmespath (~> 1.0)
    aws-sdk-resources (2.5.4)
      aws-sdk-core (= 2.5.4)
    concurrent-ruby (1.0.2)
    cool.io (1.4.4)
    docker-api (1.31.0)
      excon (>= 0.38.0)
      json
    domain_name (0.5.20160615)
      unf (>= 0.0.5, < 1.0.0)
    elasticsearch (1.0.18)
      elasticsearch-api (= 1.0.18)
      elasticsearch-transport (= 1.0.18)
    elasticsearch-api (1.0.18)
      multi_json
    elasticsearch-transport (1.0.18)
      faraday
      multi_json
    excon (0.51.0)
    faraday (0.9.2)
      multipart-post (>= 1.2, < 3)
    faraday_middleware-aws-signers-v4 (0.1.1)
      aws-sdk (~> 2.1)
      faraday (~> 0.9)
    ffi (1.9.14)
    fluent-plugin-aws-elasticsearch-service (0.1.6)
      aws-sdk (~> 2)
      faraday_middleware-aws-signers-v4 (>= 0.1.0, < 0.1.2)
      fluent-plugin-elasticsearch (~> 1.0)
      fluentd (~> 0)
    fluent-plugin-docker_metadata_filter (0.1.3)
      docker-api
      fluentd
      lru_redux
    fluent-plugin-google-cloud (0.5.1)
      fluentd (~> 0.10)
      google-api-client (> 0.9)
      googleauth (~> 0.4)
      json (~> 1.8)
    fluent-plugin-json-in-json (0.1.4)
      yajl-ruby (~> 1.0)
    fluent-plugin-kubernetes_metadata_filter (0.24.0)
      fluent-plugin-docker_metadata_filter
      fluentd (>= 0.12.0)
      kubeclient (~> 1.1.4)
      lru_redux
    fluent-plugin-systemd (0.0.3)
      fluentd (~> 0.12)
      systemd-journal (~> 1.2)
    fluentd (0.14.2)
      cool.io (>= 1.4.3, < 2.0.0)
      http_parser.rb (>= 0.5.1, < 0.7.0)
      json (>= 1.4.3)
      msgpack (>= 0.7.0)
      serverengine (>= 1.6.4)
      sigdump (~> 0.2.2)
      strptime (>= 0.1.7)
      tzinfo (>= 1.0.0)
      tzinfo-data (>= 1.0.0)
      yajl-ruby (~> 1.0)
    google-api-client (0.9.12)
      addressable (~> 2.3)
      googleauth (~> 0.5)
      httpclient (~> 2.7)
      hurley (~> 0.1)
      memoist (~> 0.11)
      mime-types (>= 1.6)
      representable (~> 2.3.0)
      retriable (~> 2.0)
      thor (~> 0.19)
    googleauth (0.5.1)
      faraday (~> 0.9)
      jwt (~> 1.4)
      logging (~> 2.0)
      memoist (~> 0.12)
      multi_json (~> 1.11)
      os (~> 0.9)
      signet (~> 0.7)
    http (0.9.8)
      addressable (~> 2.3)
      http-cookie (~> 1.0)
      http-form_data (~> 1.0.1)
      http_parser.rb (~> 0.6.0)
    http-cookie (1.0.2)
      domain_name (~> 0.5)
    http-form_data (1.0.1)
    http_parser.rb (0.6.0)
    httpclient (2.8.2.2)
    hurley (0.2)
    i18n (0.7.0)
    jmespath (1.3.1)
    json (1.8.3)
    jwt (1.5.4)
    kubeclient (1.1.4)
      activesupport
      http (= 0.9.8)
      recursive-open-struct (= 1.0.0)
      rest-client
    little-plugger (1.1.4)
    logging (2.1.0)
      little-plugger (~> 1.1)
      multi_json (~> 1.10)
    lru_redux (1.1.0)
    memoist (0.14.0)
    mime-types (3.1)
      mime-types-data (~> 3.2015)
    mime-types-data (3.2016.0521)
    minitest (5.9.0)
    msgpack (1.0.0)
    multi_json (1.12.1)
    multipart-post (2.0.0)
    netrc (0.11.0)
    os (0.9.6)
    recursive-open-struct (1.0.0)
    representable (2.3.0)
      uber (~> 0.0.7)
    rest-client (2.0.0)
      http-cookie (>= 1.0.2, < 2.0)
      mime-types (>= 1.16, < 4.0)
      netrc (~> 0.8)
    retriable (2.1.0)
    serverengine (1.6.4)
      sigdump (~> 0.2.2)
    sigdump (0.2.4)
    signet (0.7.3)
      addressable (~> 2.3)
      faraday (~> 0.9)
      jwt (~> 1.5)
      multi_json (~> 1.10)
    strptime (0.1.8)
    systemd-journal (1.2.2)
      ffi (~> 1.9.0)
    thor (0.19.1)
    thread_safe (0.3.5)
    tzinfo (1.2.2)
      thread_safe (~> 0.1)
    tzinfo-data (1.2016.6)
      tzinfo (>= 1.0.0)
    uber (0.0.15)
    unf (0.1.4)
      unf_ext
    unf_ext (0.0.7.2)
    yajl-ruby (1.2.1)

PLATFORMS
  ruby

DEPENDENCIES
  fluent-plugin-aws-elasticsearch-service
  fluent-plugin-elasticsearch!
  fluent-plugin-google-cloud (= 0.5.1)
  fluent-plugin-json-in-json
  fluent-plugin-kubernetes_metadata_filter
  fluent-plugin-systemd
  fluentd

BUNDLED WITH
   1.12.5
