GEM
  remote: https://rubygems.org/
  specs:
    activesupport (4.2.5)
      i18n (~> 0.7)
      json (~> 1.7, >= 1.7.7)
      minitest (~> 5.1)
      thread_safe (~> 0.3, >= 0.3.4)
      tzinfo (~> 1.1)
    aws-sdk (2.2.3)
      aws-sdk-resources (= 2.2.3)
    aws-sdk-core (2.2.3)
      jmespath (~> 1.0)
    aws-sdk-resources (2.2.3)
      aws-sdk-core (= 2.2.3)
    cool.io (1.4.2)
    docker-api (1.23.0)
      excon (>= 0.38.0)
      json
    domain_name (0.5.25)
      unf (>= 0.0.5, < 1.0.0)
    elasticsearch (1.0.14)
      elasticsearch-api (= 1.0.14)
      elasticsearch-transport (= 1.0.14)
    elasticsearch-api (1.0.14)
      multi_json
    elasticsearch-transport (1.0.14)
      faraday
      multi_json
    excon (0.45.4)
    faraday (0.9.2)
      multipart-post (>= 1.2, < 3)
    faraday_middleware-aws-signers-v4 (0.1.1)
      aws-sdk (~> 2.1)
      faraday (~> 0.9)
    ffi (1.9.10)
    fluent-plugin-aws-elasticsearch-service (0.1.4)
      aws-sdk (~> 2)
      faraday_middleware-aws-signers-v4 (>= 0.1.0, < 0.1.2)
      fluent-plugin-elasticsearch (~> 1.0)
      fluentd (~> 0)
    fluent-plugin-docker_metadata_filter (0.1.1)
      docker-api
      fluentd
      lru_redux
    fluent-plugin-elasticsearch (1.1.0)
      elasticsearch
      excon
      fluentd (>= 0.10.43)
    fluent-plugin-json-in-json (0.1.4)
      yajl-ruby (~> 1.0)
    fluent-plugin-kubernetes_metadata_filter (0.13.0)
      fluent-plugin-docker_metadata_filter
      fluentd
      kubeclient (~> 0.4.0)
      lru_redux
    fluent-plugin-systemd (0.0.2)
      fluentd (~> 0.12)
      systemd-journal (~> 1.2)
    fluentd (0.12.17)
      cool.io (>= 1.2.2, < 2.0.0)
      http_parser.rb (>= 0.5.1, < 0.7.0)
      json (>= 1.4.3)
      msgpack (>= 0.5.11, < 0.6.0)
      sigdump (~> 0.2.2)
      string-scrub (>= 0.0.3)
      tzinfo (>= 1.0.0)
      tzinfo-data (>= 1.0.0)
      yajl-ruby (~> 1.0)
    http-cookie (1.0.2)
      domain_name (~> 0.5)
    http_parser.rb (0.6.0)
    i18n (0.7.0)
    jmespath (1.1.3)
    json (1.8.3)
    kubeclient (0.4.0)
      activesupport
      json
      recursive-open-struct (= 0.6.1)
      rest-client
    lru_redux (1.1.0)
    mime-types (2.99)
    minitest (5.8.3)
    msgpack (0.5.12)
    multi_json (1.11.2)
    multipart-post (2.0.0)
    netrc (0.11.0)
    recursive-open-struct (0.6.1)
    rest-client (1.8.0)
      http-cookie (>= 1.0.2, < 2.0)
      mime-types (>= 1.16, < 3.0)
      netrc (~> 0.7)
    sigdump (0.2.3)
    string-scrub (0.0.5)
    systemd-journal (1.2.2)
      ffi (~> 1.9.0)
    thread_safe (0.3.5)
    tzinfo (1.2.2)
      thread_safe (~> 0.1)
    tzinfo-data (1.2015.7)
      tzinfo (>= 1.0.0)
    unf (0.1.4)
      unf_ext
    unf_ext (0.0.7.1)
    yajl-ruby (1.2.1)

PLATFORMS
  ruby

DEPENDENCIES
  fluent-plugin-aws-elasticsearch-service
  fluent-plugin-json-in-json
  fluent-plugin-kubernetes_metadata_filter
  fluent-plugin-systemd
  fluentd

BUNDLED WITH
   1.10.6
