GEM
  remote: https://rubygems.org/
  specs:
    aws-sdk (2.7.13)
      aws-sdk-resources (= 2.7.13)
    aws-sdk-core (2.7.13)
      aws-sigv4 (~> 1.0)
      jmespath (~> 1.0)
    aws-sdk-resources (2.7.13)
      aws-sdk-core (= 2.7.13)
    aws-sigv4 (1.0.0)
    cool.io (1.4.6)
    docile (1.1.5)
    ffi (1.9.17)
    flexmock (2.3.5)
    fluent-plugin-s3 (1.0.0.rc2)
      aws-sdk (>= 2.3.22, < 3)
      fluentd (>= 0.14.2, < 2)
    fluent-plugin-systemd (0.2.0)
      fluentd (>= 0.14.11, < 2)
      systemd-journal (~> 1.2)
    fluentd (0.14.13)
      cool.io (~> 1.4.5)
      http_parser.rb (>= 0.5.1, < 0.7.0)
      msgpack (>= 0.7.0, < 2.0.0)
      serverengine (>= 2.0.4, < 3.0.0)
      sigdump (~> 0.2.2)
      strptime (~> 0.1.7)
      tzinfo (~> 1.0)
      tzinfo-data (~> 1.0)
      yajl-ruby (~> 1.0)
    http_parser.rb (0.6.0)
    jmespath (1.3.1)
    json (2.0.3)
    msgpack (1.0.3)
    oj (2.18.1)
    parallel (1.10.0)
    parallel_tests (0.15.4)
      parallel
    power_assert (1.0.1)
    rake (11.3.0)
    rr (1.2.0)
    serverengine (2.0.4)
      sigdump (~> 0.2.2)
    sigdump (0.2.4)
    simplecov (0.13.0)
      docile (~> 1.1.0)
      json (>= 1.8, < 3)
      simplecov-html (~> 0.10.0)
    simplecov-html (0.10.0)
    strptime (0.1.9)
    systemd-journal (1.2.3)
      ffi (~> 1.9)
    test-unit (3.2.3)
      power_assert
    test-unit-rr (1.0.5)
      rr (>= 1.1.1)
      test-unit (>= 2.5.2)
    thread_safe (0.3.6)
    timecop (0.8.1)
    tzinfo (1.2.2)
      thread_safe (~> 0.1)
    tzinfo-data (1.2016.10)
      tzinfo (>= 1.0.0)
    yajl-ruby (1.3.0)

PLATFORMS
  ruby

DEPENDENCIES
  flexmock (~> 2.0)
  fluent-plugin-s3 (= 1.0.0.rc2)
  fluent-plugin-systemd (~> 0.2)
  fluentd (= 0.14.13)
  oj (~> 2.14)
  parallel_tests (~> 0.15.3)
  rake (~> 11.0)
  rr (~> 1.0)
  simplecov (~> 0.7)
  test-unit (~> 3.2)
  test-unit-rr (~> 1.0)
  timecop (~> 0.3)

BUNDLED WITH
   1.13.2
